GEM
  remote: http://rubygems.org/
  specs:
    activemodel (3.2.12)
      activesupport (= 3.2.12)
      builder (~> 3.0.0)
    activerecord (3.2.12)
      activemodel (= 3.2.12)
      activesupport (= 3.2.12)
      arel (~> 3.0.2)
      tzinfo (~> 0.3.29)
    activerecord-postgres-array (0.0.9)
      activerecord
    activesupport (3.2.12)
      i18n (~> 0.6)
      multi_json (~> 1.0)
    addressable (2.3.4)
    arel (3.0.2)
    bcrypt-ruby (3.0.1)
    builder (3.0.4)
    cookiejar (0.3.0)
    daemons (1.1.9)
    em-http-request (1.0.3)
      addressable (>= 2.2.3)
      cookiejar
      em-socksify
      eventmachine (>= 1.0.0.beta.4)
      http_parser.rb (>= 0.5.3)
    em-socksify (0.2.1)
      eventmachine (>= 1.0.0.beta.4)
    erubis (2.7.0)
    eventmachine (1.0.3)
    git (1.2.5)
    hashie (2.0.4)
    honeybadger (1.6.2)
      json
    http_parser.rb (0.5.3)
    http_router (0.5.4)
      rack (>= 1.0.0)
      url_mount (~> 0.2.1)
    i18n (0.6.4)
    json (1.7.7)
    keen (0.7.2)
      multi_json (~> 1.0)
    mail (2.5.3)
      i18n (>= 0.4.0)
      mime-types (~> 1.16)
      treetop (~> 1.4.8)
    mime-types (1.23)
    minitest (4.7.4)
    multi_json (1.7.2)
    omniauth (1.1.4)
      hashie (>= 1.2, < 3)
      rack
    omniauth-identity (1.1.0)
      bcrypt-ruby (~> 3.0)
      omniauth (~> 1.0)
    padrino (0.9.21)
      padrino-admin (= 0.9.21)
      padrino-cache (= 0.9.21)
      padrino-core (= 0.9.21)
      padrino-gen (= 0.9.21)
      padrino-helpers (= 0.9.21)
      padrino-mailer (= 0.9.21)
    padrino-admin (0.9.21)
      padrino-core (= 0.9.21)
      padrino-helpers (= 0.9.21)
    padrino-cache (0.9.21)
      padrino-core (= 0.9.21)
    padrino-core (0.9.21)
      activesupport (>= 3.0.0)
      http_router (~> 0.5.4)
      sinatra (>= 1.1.0)
      thor (>= 0.14.3)
      tzinfo
    padrino-gen (0.9.21)
      bundler (>= 1.0.2)
      git
      padrino-core (= 0.9.21)
    padrino-helpers (0.9.21)
      i18n (>= 0.4.1)
      padrino-core (= 0.9.21)
    padrino-mailer (0.9.21)
      mail (>= 2.2.0)
      padrino-core (= 0.9.21)
    pg (0.15.1)
    polyglot (0.3.3)
    rack (1.5.2)
    rack-protection (1.5.0)
      rack
    rack-test (0.6.2)
      rack (>= 1.0)
    rake (10.0.4)
    rr (1.0.5)
    sass (3.2.8)
    shotgun (0.9)
      rack (>= 1.0)
    sinatra (1.4.2)
      rack (~> 1.5, >= 1.5.2)
      rack-protection (~> 1.4)
      tilt (~> 1.3, >= 1.3.4)
    sinatra-flash (0.3.0)
      sinatra (>= 1.0.0)
    thin (1.5.1)
      daemons (>= 1.0.9)
      eventmachine (>= 0.12.6)
      rack (>= 1.0.0)
    thor (0.18.1)
    tilt (1.4.0)
    treetop (1.4.12)
      polyglot
      polyglot (>= 0.3.1)
    tzinfo (0.3.37)
    url_mount (0.2.1)
      rack

PLATFORMS
  ruby

DEPENDENCIES
  activerecord
  activerecord-postgres-array
  bcrypt-ruby
  em-http-request
  erubis (~> 2.7.0)
  honeybadger
  json
  keen
  minitest
  omniauth-identity
  padrino
  pg
  rack-test
  rake
  rr
  sass
  shotgun
  sinatra-flash
  thin
